PATH
  remote: .
  specs:
    rails_uom_import (0.1.0)
      fixy

GEM
  remote: https://rubygems.org/
  specs:
    fixy (0.0.8)
      rake
    minitest (5.14.1)
    rake (12.3.3)

PLATFORMS
  ruby

DEPENDENCIES
  minitest (~> 5.0)
  rails_uom_import!
  rake (~> 12.0)

BUNDLED WITH
   2.1.4
